PATH
  remote: .
  specs:
    fast (0.1.4)
      metafun (>= 0.2.0)
      sub-setter (>= 0.0.2)

GEM
  remote: http://rubygems.org/
  specs:
    diff-lcs (1.1.3)
    metafun (0.2.0)
    rake (0.9.2.2)
    rspec (2.8.0)
      rspec-core (~> 2.8.0)
      rspec-expectations (~> 2.8.0)
      rspec-mocks (~> 2.8.0)
    rspec-core (2.8.0)
    rspec-expectations (2.8.0)
      diff-lcs (~> 1.1.2)
    rspec-mocks (2.8.0)
    sub-setter (0.0.2)
    zucker (12.1)

PLATFORMS
  ruby

DEPENDENCIES
  fast!
  rake
  rspec
  zucker
